GEM
  remote: https://rubygems.org/
  specs:
    faker (1.7.3)
      i18n (~> 0.5)
    i18n (0.8.1)

PLATFORMS
  ruby

DEPENDENCIES
  faker

RUBY VERSION
   ruby 2.2.0p0

BUNDLED WITH
   1.14.6
